GEM
  remote: http://rubygems.org/
  specs:
    builder (3.2.2)
    ci_reporter (1.9.1)
      builder (>= 2.1.2)
    diff-lcs (1.2.5)
    rake (10.1.1)
    rspec (2.14.1)
      rspec-core (~> 2.14.0)
      rspec-expectations (~> 2.14.0)
      rspec-mocks (~> 2.14.0)
    rspec-core (2.14.8)
    rspec-expectations (2.14.5)
      diff-lcs (>= 1.1.3, < 2.0)
    rspec-mocks (2.14.6)
    zip (2.0.2)

PLATFORMS
  ruby

DEPENDENCIES
  ci_reporter
  rake
  rspec
  zip
